GEM
  remote: https://rubygems.org/
  specs:
    birch (0.0.8)
    bson (1.10.2)
    classifier (1.3.4)
      fast-stemmer (>= 1.0.0)
    diff-lcs (1.2.5)
    fast-stemmer (1.0.2)
    json (1.8.1)
    mime-types (1.25.1)
    mongo (1.10.2)
      bson (= 1.10.2)
    msgpack (0.5.8)
    pg (0.17.1)
    progressbar (0.21.0)
    rake (10.1.0)
    rspec (3.0.0)
      rspec-core (~> 3.0.0)
      rspec-expectations (~> 3.0.0)
      rspec-mocks (~> 3.0.0)
    rspec-core (3.0.2)
      rspec-support (~> 3.0.0)
    rspec-expectations (3.0.2)
      diff-lcs (>= 1.2.0, < 2.0)
      rspec-support (~> 3.0.0)
    rspec-mocks (3.0.2)
      rspec-support (~> 3.0.0)
    rspec-support (3.0.2)
    rubyzip (0.9.9)
    schiphol (1.0.1)
      progressbar (>= 0.10.0)
      rubyzip (~> 0.9.9)
    sequel (4.12.0)
    sqlite3 (1.3.9)
    stuff-classifier (0.5)
      fast-stemmer (>= 1.0)
      msgpack
      sequel
      sqlite3
    treat (2.0.9)
      birch
      schiphol
      yomu
    yomu (0.2.0)
      json (~> 1.8)
      mime-types (~> 1.23)

PLATFORMS
  ruby

DEPENDENCIES
  classifier
  mongo
  pg
  rake
  rspec
  sequel
  stuff-classifier
  treat
